PATH
  remote: .
  specs:
    markup-ast (0.1.0)
      ruby_tree_sitter
      tree_stand
      zeitwerk

GEM
  remote: https://rubygems.org/
  specs:
    addressable (2.8.3)
      public_suffix (>= 2.0.2, < 6.0)
    ansi (1.5.0)
    ast (2.4.2)
    builder (3.2.4)
    cgi (0.3.6)
    crack (0.4.5)
      rexml
    debug (1.7.2)
      irb (>= 1.5.0)
      reline (>= 0.3.1)
    erb (4.0.2)
      cgi (>= 0.3.3)
    faraday (2.7.4)
      faraday-net_http (>= 2.0, < 3.1)
      ruby2_keywords (>= 0.0.4)
    faraday-net_http (3.0.2)
    faraday-retry (2.1.0)
      faraday (~> 2.0)
    hashdiff (1.0.1)
    io-console (0.6.0)
    irb (1.6.3)
      reline (>= 0.3.0)
    json (2.6.3)
    minitest (5.18.0)
    minitest-excludes (2.0.2)
      minitest (~> 5.0)
    minitest-focus (1.3.1)
      minitest (>= 4, < 6)
    minitest-reporters (1.6.0)
      ansi
      builder
      minitest (>= 5.0)
      ruby-progressbar
    octokit (6.1.1)
      faraday (>= 1, < 3)
      sawyer (~> 0.9)
    parallel (1.22.1)
    parser (3.2.2.0)
      ast (~> 2.4.1)
    public_suffix (5.0.1)
    rainbow (3.1.1)
    rake (13.0.6)
    regexp_parser (2.7.0)
    reline (0.3.3)
      io-console (~> 0.5)
    rexml (3.2.5)
    rubocop (1.49.0)
      json (~> 2.3)
      parallel (~> 1.10)
      parser (>= 3.2.0.0)
      rainbow (>= 2.2.2, < 4.0)
      regexp_parser (>= 1.8, < 3.0)
      rexml (>= 3.2.5, < 4.0)
      rubocop-ast (>= 1.28.0, < 2.0)
      ruby-progressbar (~> 1.7)
      unicode-display_width (>= 2.4.0, < 3.0)
    rubocop-ast (1.28.0)
      parser (>= 3.2.1.0)
    ruby-progressbar (1.13.0)
    ruby2_keywords (0.0.5)
    ruby_tree_sitter (0.20.6.3)
    ruby_tree_sitter (0.20.6.3-x86_64-linux)
    sawyer (0.9.2)
      addressable (>= 2.3.5)
      faraday (>= 0.17.3, < 3)
    sorbet-runtime (0.5.10751)
    tree_stand (0.2.0)
      ruby_tree_sitter
      sorbet-runtime
      zeitwerk
    unicode-display_width (2.4.2)
    vcr (6.1.0)
    webmock (3.18.1)
      addressable (>= 2.8.0)
      crack (>= 0.3.2)
      hashdiff (>= 0.4.0, < 2.0.0)
    zeitwerk (2.6.7)

PLATFORMS
  x86_64-darwin-20
  x86_64-linux

DEPENDENCIES
  debug (~> 1.0)
  erb (~> 4.0)
  faraday-retry (~> 2.0)
  markup-ast!
  minitest (~> 5.0)
  minitest-excludes (~> 2.0)
  minitest-focus (~> 1.3)
  minitest-reporters (~> 1.6)
  octokit (~> 6.0)
  rake (~> 13.0)
  rubocop (~> 1.21)
  vcr (~> 6.1)
  webmock (~> 3.18)

BUNDLED WITH
   2.4.6
